GEM
  remote: https://rubygems.org/
  specs:
    htmlbeautifier (1.4.2)

PLATFORMS
  ruby

DEPENDENCIES
  htmlbeautifier

BUNDLED WITH
   2.1.4
